GEM
  specs:
    hashie (5.0.0)
    nokogiri (1.11.7-x86_64-linux)
      racc (~> 1.4)
    omniauth (2.0.4)
      hashie (>= 3.4.6)
      rack (>= 1.6.2, < 3)
      rack-protection
    racc (1.6.0)
    rack (2.2.3)
    rack-protection (2.1.0)
      rack
    rexml (3.2.3.1)
    ruby-saml (1.13.0)
      nokogiri (>= 1.10.5)
      rexml

PLATFORMS
  ruby

DEPENDENCIES
  omniauth (>= 1.9.1)
  ruby-saml (>= 1.7.0)

BUNDLED WITH
   2.1.4
