GEM
  remote: http://rubygems.org/
  specs:
    hashie (4.1.0)
    macaddr (1.7.2)
      systemu (~> 2.6.5)
    mini_portile2 (2.5.1)
    nokogiri (1.11.5)
      mini_portile2 (~> 2.5.0)
      racc (~> 1.4)
    omniauth (1.9.1)
      hashie (>= 3.4.6)
      rack (>= 1.6.2, < 3)
    omniauth-saml-cespi (1.3.1)
      omniauth (~> 1.1)
      ruby-saml (~> 0.9)
    racc (1.5.2)
    rack (2.2.3)
    ruby-saml (0.9.4)
      nokogiri (>= 1.5.10)
      uuid (~> 2.3)
    systemu (2.6.5)
    uuid (2.3.9)
      macaddr (~> 1.0)

PLATFORMS
  ruby

DEPENDENCIES
  omniauth (>= 1.2.2)
  omniauth-saml-cespi (~> 1.3.1)
  ruby-saml (>= 0.9.2)

BUNDLED WITH
   2.1.4
